PATH
  remote: lib/pdf_split
  specs:
    pdf_split (0.1.0)

GEM
  remote: https://rubygems.org/
  specs:
    cmdparse (3.0.6)
    coderay (1.1.3)
    geom2d (0.3.1)
    hexapdf (0.12.3)
      cmdparse (~> 3.0, >= 3.0.3)
      geom2d (~> 0.3)
    method_source (1.0.0)
    pry (0.13.1)
      coderay (~> 1.1)
      method_source (~> 1.0)
    rake (13.0.1)

PLATFORMS
  ruby

DEPENDENCIES
  hexapdf
  pdf_split!
  pry
  rake

BUNDLED WITH
   2.1.4
