GEM
  remote: https://rubygems.org/
  specs:
    cmdparse (3.0.6)
    geom2d (0.3.1)
    hexapdf (0.12.3)
      cmdparse (~> 3.0, >= 3.0.3)
      geom2d (~> 0.3)
    rake (13.0.1)

PLATFORMS
  ruby

DEPENDENCIES
  hexapdf
  rake

BUNDLED WITH
   2.1.4
